PATH
  remote: .
  specs:
    Zeta (0.0.1)
      cinch
      daemons

GEM
  remote: https://rubygems.org/
  specs:
    cinch (2.3.1)
    daemons (1.2.3)
    diff-lcs (1.2.5)
    rake (10.4.2)
    rspec (3.4.0)
      rspec-core (~> 3.4.0)
      rspec-expectations (~> 3.4.0)
      rspec-mocks (~> 3.4.0)
    rspec-core (3.4.1)
      rspec-support (~> 3.4.0)
    rspec-expectations (3.4.0)
      diff-lcs (>= 1.2.0, < 2.0)
      rspec-support (~> 3.4.0)
    rspec-mocks (3.4.0)
      diff-lcs (>= 1.2.0, < 2.0)
      rspec-support (~> 3.4.0)
    rspec-support (3.4.1)

PLATFORMS
  ruby

DEPENDENCIES
  Zeta!
  bundler (~> 1.11)
  rake (~> 10.0)
  rspec (~> 3.0)

BUNDLED WITH
   1.11.2
