GEM
  remote: https://rubygems.org/
  specs:
    actionview (4.1.4)
      activesupport (= 4.1.4)
      builder (~> 3.1)
      erubis (~> 2.7.0)
    activesupport (4.1.4)
      i18n (~> 0.6, >= 0.6.9)
      json (~> 1.7, >= 1.7.7)
      minitest (~> 5.1)
      thread_safe (~> 0.1)
      tzinfo (~> 1.1)
    addressable (2.3.6)
    atomic (1.1.16)
    builder (3.2.2)
    chronic (0.10.2)
    chronic_duration (0.10.4)
      numerizer (~> 0.1.1)
    cinch (2.1.0)
    cinch-calculate (1.0.0)
    cinch-cooldown (1.0.0)
      time-lord (>= 1.0.1)
    cinch-quotes (0.0.4)
      cinch (~> 2.0)
    cinch-toolbox (1.1.2)
      nokogiri (~> 1.6.0)
      patron (~> 0.4.18)
    cinch-urbandictionary (0.10.1)
      cinch (~> 2.0)
    cinch-wikipedia (0.0.1)
      cinch-cooldown
      cinch-toolbox
    descendants_tracker (0.0.4)
      thread_safe (~> 0.3, >= 0.3.1)
    discourse_api (0.2.2)
      faraday (= 0.9.0)
      faraday_middleware (~> 0.9)
    dotenv (0.11.1)
      dotenv-deployment (~> 0.0.2)
    dotenv-deployment (0.0.2)
    erubis (2.7.0)
    evalso (0.0.9)
      httparty
    faraday (0.9.0)
      multipart-post (>= 1.2, < 3)
    faraday_middleware (0.9.1)
      faraday (>= 0.7.4, < 0.10)
    foreman (0.75.0)
      dotenv (~> 0.11.1)
      thor (~> 0.19.1)
    geocoder (1.1.9)
    gist (4.3.0)
    github_api (0.11.3)
      addressable (~> 2.3)
      descendants_tracker (~> 0.0.1)
      faraday (~> 0.8, < 0.10)
      hashie (>= 1.2)
      multi_json (>= 1.7.5, < 2.0)
      nokogiri (~> 1.6.0)
      oauth2
    haml (4.0.5)
      tilt
    happymapper (0.4.1)
      libxml-ruby (~> 2.0)
    hashie (2.0.5)
    httparty (0.13.0)
      json (~> 1.8)
      multi_xml (>= 0.5.2)
    i18n (0.6.11)
    json (1.8.1)
    jwt (0.1.11)
      multi_json (>= 1.5)
    libxml-ruby (2.7.0)
    mime-types (2.2)
    mini_portile (0.5.3)
    minitest (5.4.0)
    mkfifo (0.0.1)
    multi_json (1.9.2)
    multi_xml (0.5.5)
    multipart-post (2.0.0)
    nokogiri (1.6.1)
      mini_portile (~> 0.5.0)
    numerizer (0.1.1)
    oauth2 (0.9.3)
      faraday (>= 0.8, < 0.10)
      jwt (~> 0.1.8)
      multi_json (~> 1.3)
      multi_xml (~> 0.5)
      rack (~> 1.2)
    patron (0.4.18)
    pg (0.17.1)
    rack (1.5.2)
    recursive-open-struct (0.4.5)
    require_all (1.3.2)
    rest-client (1.6.7)
      mime-types (>= 1.16)
    sequel (4.9.0)
    tag_formatter (0.0.3)
    temperature (1.2)
    thor (0.19.1)
    thread_safe (0.3.1)
      atomic (>= 1.1.7, < 2)
    tilt (2.0.1)
    time-lord (1.0.1)
    tzinfo (1.2.2)
      thread_safe (~> 0.1)
    weather-underground (1.1.1)
      happymapper
      rest-client
      temperature (>= 1.0.0)
    wolfram (0.2.1)
      nokogiri (>= 1.4.3)
    wolfram-alpha (0.3.1)
      nokogiri

PLATFORMS
  ruby

DEPENDENCIES
  actionview
  chronic
  chronic_duration
  cinch
  cinch-calculate
  cinch-cooldown
  cinch-quotes
  cinch-toolbox
  cinch-urbandictionary
  cinch-wikipedia
  discourse_api
  evalso
  foreman
  geocoder
  gist
  github_api
  haml
  hashie
  httparty
  mkfifo
  nokogiri
  pg
  recursive-open-struct
  require_all
  rest-client
  sequel
  tag_formatter
  weather-underground
  wolfram
  wolfram-alpha
