GIT
  remote: git://github.com/cinchrb/cinch.git
  revision: 3140f47a11bb1e6b6f5fc7cf3a1df75bd488115e
  specs:
    cinch (2.0.11)

GEM
  remote: https://rubygems.org/
  specs:
    activemodel (3.2.16)
      activesupport (= 3.2.16)
      builder (~> 3.0.0)
    activesupport (3.2.16)
      i18n (~> 0.6, >= 0.6.4)
      multi_json (~> 1.0)
    async_sinatra (1.1.0)
      rack (>= 1.4.1)
      sinatra (>= 1.3.2)
    builder (3.0.4)
    chronic (0.10.2)
    chronic_duration (0.10.2)
      numerizer (~> 0.1.1)
    cinch-calculate (1.0.0)
    cinch-convert (1.0.0)
      cinch (~> 2.0.5)
    cinch-cooldown (1.0.1)
      cinch (~> 2.0.5)
      time-lord (~> 1.0.1)
    cinch-forecast (0.0.3)
      cinch (~> 2.0.5)
    cinch-quotes (0.0.4)
      cinch (~> 2.0)
    cinch-toolbox (1.0.3)
      nokogiri (~> 1.6.0)
      patron (~> 0.4.18)
    cinch-wikipedia (1.0.1)
      cinch (~> 2.0.5)
      cinch-cooldown (~> 1.0.1)
      cinch-toolbox (~> 1.0.3)
    dotenv (0.9.0)
    geocoder (1.1.9)
    haml (4.0.4)
      tilt
    httparty (0.12.0)
      json (~> 1.8)
      multi_xml (>= 0.5.2)
    i18n (0.6.9)
    json (1.8.1)
    mini_portile (0.5.2)
    mongoid (3.1.6)
      activemodel (~> 3.2)
      moped (~> 1.4)
      origin (~> 1.0)
      tzinfo (~> 0.3.29)
    moped (1.5.1)
    multi_json (1.8.4)
    multi_xml (0.5.5)
    nokogiri (1.6.1)
      mini_portile (~> 0.5.0)
    numerizer (0.1.1)
    origin (1.1.0)
    patron (0.4.18)
    rack (1.5.2)
    rack-protection (1.5.2)
      rack
    redis (3.0.6)
    require_all (1.3.2)
    sinatra (1.4.4)
      rack (~> 1.4)
      rack-protection (~> 1.4)
      tilt (~> 1.3, >= 1.3.4)
    sinatra-twitter-bootstrap (2.3.3)
    tag_formatter (0.0.3)
    tilt (1.4.1)
    time-lord (1.0.1)
    tzinfo (0.3.38)

PLATFORMS
  ruby

DEPENDENCIES
  async_sinatra
  chronic
  chronic_duration
  cinch!
  cinch-calculate
  cinch-convert
  cinch-forecast
  cinch-quotes
  cinch-wikipedia
  dotenv
  geocoder
  haml
  httparty
  mongoid
  nokogiri
  redis
  require_all
  sinatra
  sinatra-twitter-bootstrap
  tag_formatter
