GEM
  remote: https://rubygems.org/
  specs:
    Ascii85 (1.0.2)
    actionview (4.1.8)
      activesupport (= 4.1.8)
      builder (~> 3.1)
      erubis (~> 2.7.0)
    activesupport (4.1.8)
      i18n (~> 0.6, >= 0.6.9)
      json (~> 1.7, >= 1.7.7)
      minitest (~> 5.1)
      thread_safe (~> 0.1)
      tzinfo (~> 1.1)
    addressable (2.3.6)
    afm (0.2.2)
    builder (3.2.2)
    chronic (0.10.2)
    chronic_duration (0.10.6)
      numerizer (~> 0.1.1)
    cinch (2.0.12)
    cinch-calculate (1.0.5)
      cinch (~> 2.0.12)
      cinch-cooldown (~> 1.1.1)
    cinch-cooldown (1.1.5)
      cinch (~> 2)
      time-lord (~> 1.0, >= 1.0.1)
    cinch-quotes (0.0.4)
      cinch (~> 2.0)
    cinch-toolbox (1.1.4)
      nokogiri (~> 1.6.0)
    cinch-urbandictionary (0.10.1)
      cinch (~> 2.0)
    cinch-wikipedia (1.0.4)
      cinch (~> 2)
      cinch-cooldown (~> 1.1, >= 1.1.1)
      cinch-toolbox (~> 1.1)
    descendants_tracker (0.0.4)
      thread_safe (~> 0.3, >= 0.3.1)
    discourse_api (0.3.0)
      dotenv (~> 1.0)
      faraday (= 0.9.0)
      faraday_middleware (~> 0.9)
      rack (~> 1.5)
    dotenv (1.0.2)
    erubis (2.7.0)
    evalso (0.0.9)
      httparty
    faraday (0.9.0)
      multipart-post (>= 1.2, < 3)
    faraday_middleware (0.9.1)
      faraday (>= 0.7.4, < 0.10)
    foreman (0.76.0)
      dotenv (~> 1.0.2)
      thor (~> 0.19.1)
    geocoder (1.2.6)
    gist (4.3.0)
    github_api (0.12.2)
      addressable (~> 2.3)
      descendants_tracker (~> 0.0.4)
      faraday (~> 0.8, < 0.10)
      hashie (>= 3.3)
      multi_json (>= 1.7.5, < 2.0)
      nokogiri (~> 1.6.3)
      oauth2
    haml (4.0.5)
      tilt
    happymapper (0.4.1)
      libxml-ruby (~> 2.0)
    hashery (2.1.1)
    hashie (3.3.2)
    httparty (0.13.3)
      json (~> 1.8)
      multi_xml (>= 0.5.2)
    humanize-bytes (2.1.0)
    i18n (0.6.11)
    json (1.8.1)
    jwt (1.2.0)
    libxml-ruby (2.7.0)
    mime-types (2.4.3)
    mini_portile (0.6.1)
    minitest (5.4.3)
    mkfifo (0.0.1)
    multi_json (1.10.1)
    multi_xml (0.5.5)
    multipart-post (2.0.0)
    netrc (0.8.0)
    nokogiri (1.6.5)
      mini_portile (~> 0.6.0)
    numerizer (0.1.1)
    oauth2 (1.0.0)
      faraday (>= 0.8, < 0.10)
      jwt (~> 1.0)
      multi_json (~> 1.3)
      multi_xml (~> 0.5)
      rack (~> 1.2)
    pdf-reader (1.3.3)
      Ascii85 (~> 1.0.0)
      afm (~> 0.2.0)
      hashery (~> 2.0)
      ruby-rc4
      ttfunk
    pg (0.17.1)
    rack (1.5.2)
    recursive-open-struct (0.5.0)
    require_all (1.3.2)
    rest-client (1.7.2)
      mime-types (>= 1.16, < 3.0)
      netrc (~> 0.7)
    ruby-rc4 (0.1.5)
    sequel (4.16.0)
    tag_formatter (0.0.3)
    temperature (1.2)
    thor (0.19.1)
    thread_safe (0.3.4)
    tilt (2.0.1)
    time-lord (1.0.1)
    ttfunk (1.4.0)
    tzinfo (1.2.2)
      thread_safe (~> 0.1)
    weather-underground (1.1.1)
      happymapper
      rest-client
      temperature (>= 1.0.0)
    wolfram (0.2.1)
      nokogiri (>= 1.4.3)
    wolfram-alpha (0.3.1)
      nokogiri

PLATFORMS
  ruby

DEPENDENCIES
  actionview
  chronic
  chronic_duration
  cinch
  cinch-calculate
  cinch-cooldown
  cinch-quotes
  cinch-toolbox
  cinch-urbandictionary
  cinch-wikipedia
  discourse_api
  evalso
  faraday
  foreman
  geocoder
  gist
  github_api
  haml
  hashie
  httparty
  humanize-bytes
  mkfifo
  nokogiri
  pdf-reader
  pg
  recursive-open-struct
  require_all
  rest-client
  sequel
  tag_formatter
  weather-underground
  wolfram
  wolfram-alpha
