PATH
  remote: .
  specs:
    zetabot (1.0.2)
      actionview
      chronic
      chronic_duration
      cinch
      cinch-cooldown
      cinch-quotes
      cinch-toolbox
      crack
      daemons
      destructor
      discourse_api
      dnsbl-client
      dronebl.rb
      faraday
      geocoder
      gist
      github_api
      haml
      hashie
      httparty
      humanize-bytes
      ipaddress
      mechanize
      mkfifo
      nokogiri
      pdf-reader
      persist
      recursive-open-struct
      rest-client
      tag_formatter
      tzinfo
      unitwise
      video_info
      wolfram
      wolfram-alpha

GEM
  remote: https://rubygems.org/
  specs:
    Ascii85 (1.0.3)
    actionview (5.2.1)
      activesupport (= 5.2.1)
      builder (~> 3.1)
      erubi (~> 1.4)
      rails-dom-testing (~> 2.0)
      rails-html-sanitizer (~> 1.0, >= 1.0.3)
    activesupport (5.2.1)
      concurrent-ruby (~> 1.0, >= 1.0.2)
      i18n (>= 0.7, < 2)
      minitest (~> 5.1)
      tzinfo (~> 1.1)
    addressable (2.5.2)
      public_suffix (>= 2.0.2, < 4.0)
    afm (0.2.2)
    ansi (1.5.0)
    ast (2.4.0)
    binding.repl (3.0.0)
    builder (3.2.3)
    cd (1.0.1)
    chronic (0.10.2)
    chronic_duration (0.10.6)
      numerizer (~> 0.1.1)
    cinch (2.3.4)
    cinch-cooldown (1.2.0)
      cinch (~> 2)
      time-lord (~> 1.0, >= 1.0.1)
    cinch-quotes (0.0.4)
      cinch (~> 2.0)
    cinch-toolbox (1.1.6)
      nokogiri (~> 1.6)
    clipboard (1.1.2)
    code (0.9.2)
      coderay (~> 1.1)
      method_source (~> 0.9)
    coderay (1.1.2)
    concurrent-ruby (1.0.5)
    connection_pool (2.2.2)
    crack (0.4.3)
      safe_yaml (~> 1.0.0)
    crass (1.0.4)
    daemons (1.2.6)
    debugging (1.1.1)
      binding.repl (~> 3.0)
      paint (>= 0.9, < 3.0)
    descendants_tracker (0.0.4)
      thread_safe (~> 0.3, >= 0.3.1)
    destructor (0.1.0)
    diff-lcs (1.3)
    discourse_api (0.27.0)
      faraday (~> 0.9)
      faraday_middleware (~> 0.10)
      rack (>= 1.6)
    dnsbl-client (1.0.4)
    domain_name (0.5.20180417)
      unf (>= 0.0.5, < 1.0.0)
    dronebl.rb (0.1.0.0)
      httparty (~> 0.13)
      nokogiri (~> 1.6)
    erubi (1.7.1)
    every_day_irb (2.0.0)
      cd (~> 1.0)
    fancy_irb (1.1.0)
      paint (>= 0.9, < 3.0)
      unicode-display_width (~> 1.1)
    faraday (0.12.2)
      multipart-post (>= 1.2, < 3)
    faraday_middleware (0.12.2)
      faraday (>= 0.7.4, < 1.0)
    ffi (1.9.25)
    geocoder (1.5.0)
    gist (5.0.0)
    github_api (0.18.2)
      addressable (~> 2.4)
      descendants_tracker (~> 0.0.4)
      faraday (~> 0.8)
      hashie (~> 3.5, >= 3.5.2)
      oauth2 (~> 1.0)
    haml (5.0.4)
      temple (>= 0.8.0)
      tilt
    hashery (2.1.2)
    hashie (3.6.0)
    hirb (0.7.3)
    http-cookie (1.0.3)
      domain_name (~> 0.5)
    httparty (0.16.2)
      multi_xml (>= 0.5.2)
    humanize-bytes (2.2.0)
    i18n (1.1.0)
      concurrent-ruby (~> 1.0)
    instance (0.2.0)
    interactive_editor (0.0.11)
      spoon (>= 0.0.1)
    ipaddress (0.8.3)
    irbtools (2.2.1)
      binding.repl (~> 3.0)
      clipboard (~> 1.1)
      code (~> 0.9)
      coderay (~> 1.1)
      debugging (~> 1.1)
      every_day_irb (~> 2.0)
      fancy_irb (~> 1.1)
      hirb (~> 0.7, >= 0.7.3)
      instance (~> 0.2)
      interactive_editor (~> 0.0, >= 0.0.10)
      method_locator (~> 0.0, >= 0.0.4)
      methodfinder (~> 2.0)
      ori (~> 0.1.0)
      os
      paint (>= 0.9, < 3.0)
      ruby_engine (~> 1.0)
      ruby_info (~> 1.0)
      ruby_version (~> 1.0)
      wirb (~> 2.0)
    iso8601 (0.9.1)
    jwt (1.5.6)
    liner (0.2.4)
    loofah (2.2.2)
      crass (~> 1.0.2)
      nokogiri (>= 1.5.9)
    mechanize (2.7.6)
      domain_name (~> 0.5, >= 0.5.1)
      http-cookie (~> 1.0)
      mime-types (>= 1.17.2)
      net-http-digest_auth (~> 1.1, >= 1.1.1)
      net-http-persistent (>= 2.5.2)
      nokogiri (~> 1.6)
      ntlm-http (~> 0.1, >= 0.1.1)
      webrobots (>= 0.0.9, < 0.2)
    memoizable (0.4.2)
      thread_safe (~> 0.3, >= 0.3.1)
    method_locator (0.0.4)
    method_source (0.9.0)
    methodfinder (2.2.1)
    mime-types (3.2.2)
      mime-types-data (~> 3.2015)
    mime-types-data (3.2018.0812)
    mini_portile2 (2.3.0)
    minitest (5.11.3)
    mkfifo (0.1.1)
    multi_json (1.13.1)
    multi_xml (0.6.0)
    multipart-post (2.0.0)
    net-http-digest_auth (1.4.1)
    net-http-persistent (3.0.0)
      connection_pool (~> 2.2)
    net_http_timeout_errors (0.3.3)
    netrc (0.11.0)
    nokogiri (1.8.4)
      mini_portile2 (~> 2.3.0)
    ntlm-http (0.1.1)
    numerizer (0.1.1)
    oauth2 (1.4.0)
      faraday (>= 0.8, < 0.13)
      jwt (~> 1.0)
      multi_json (~> 1.3)
      multi_xml (~> 0.5)
      rack (>= 1.2, < 3)
    oga (2.15)
      ast
      ruby-ll (~> 2.1)
    ori (0.1.0)
    os (1.0.0)
    paint (2.0.1)
    parslet (1.8.2)
    pdf-reader (2.1.0)
      Ascii85 (~> 1.0.0)
      afm (~> 0.2.1)
      hashery (~> 2.0)
      ruby-rc4
      ttfunk
    persist (1.0.0)
    public_suffix (3.0.3)
    rack (2.0.5)
    rails-dom-testing (2.0.3)
      activesupport (>= 4.2.0)
      nokogiri (>= 1.6)
    rails-html-sanitizer (1.0.4)
      loofah (~> 2.2, >= 2.2.2)
    rake (10.5.0)
    recursive-open-struct (1.1.0)
    rest-client (2.0.2)
      http-cookie (>= 1.0.2, < 2.0)
      mime-types (>= 1.16, < 4.0)
      netrc (~> 0.8)
    rspec (3.8.0)
      rspec-core (~> 3.8.0)
      rspec-expectations (~> 3.8.0)
      rspec-mocks (~> 3.8.0)
    rspec-core (3.8.0)
      rspec-support (~> 3.8.0)
    rspec-expectations (3.8.1)
      diff-lcs (>= 1.2.0, < 2.0)
      rspec-support (~> 3.8.0)
    rspec-mocks (3.8.0)
      diff-lcs (>= 1.2.0, < 2.0)
      rspec-support (~> 3.8.0)
    rspec-support (3.8.0)
    ruby-ll (2.1.2)
      ansi
      ast
    ruby-rc4 (0.1.5)
    ruby_engine (1.0.1)
    ruby_info (1.0.1)
    ruby_version (1.0.1)
    safe_yaml (1.0.4)
    signed_multiset (0.2.1)
    spoon (0.0.6)
      ffi
    tag_formatter (0.0.3)
    temple (0.8.0)
    thread_safe (0.3.6)
    tilt (2.0.8)
    time-lord (1.0.1)
    ttfunk (1.5.1)
    tzinfo (1.2.5)
      thread_safe (~> 0.1)
    unf (0.1.4)
      unf_ext
    unf_ext (0.0.7.5)
    unicode-display_width (1.4.0)
    unitwise (2.2.0)
      liner (~> 0.2)
      memoizable (~> 0.4)
      parslet (~> 1.5)
      signed_multiset (~> 0.2)
    video_info (2.7)
      iso8601 (~> 0.9.1)
      net_http_timeout_errors (~> 0.3.0)
      oga (~> 2.7)
    webrobots (0.1.2)
    wirb (2.1.2)
      paint (>= 0.9, < 3.0)
    wolfram (0.2.1)
      nokogiri (>= 1.4.3)
    wolfram-alpha (0.3.1)
      nokogiri

PLATFORMS
  ruby

DEPENDENCIES
  bundler (~> 1.11)
  irbtools
  rake (~> 10.0)
  rspec (~> 3.0)
  zetabot!

BUNDLED WITH
   1.16.1
