GIT
  remote: git://github.com/cinchrb/cinch.git
  revision: 44f22ca334d726dd271e3a2bc12917a9f4bc912d
  specs:
    cinch (2.0.12)

GEM
  remote: https://rubygems.org/
  specs:
    activesupport (4.0.2)
      i18n (~> 0.6, >= 0.6.4)
      minitest (~> 4.2)
      multi_json (~> 1.3)
      thread_safe (~> 0.1)
      tzinfo (~> 0.3.37)
    addressable (2.3.5)
    atomic (1.1.14)
    chronic (0.10.2)
    chronic_duration (0.10.2)
      numerizer (~> 0.1.1)
    cinch-calculate (1.0.0)
    cinch-convert (1.0.0)
      cinch (~> 2.0.5)
    cinch-cooldown (1.0.1)
      cinch (~> 2.0.5)
      time-lord (~> 1.0.1)
    cinch-forecast (0.0.3)
      cinch (~> 2.0.5)
    cinch-quotes (0.0.4)
      cinch (~> 2.0)
    cinch-toolbox (1.0.3)
      nokogiri (~> 1.6.0)
      patron (~> 0.4.18)
    cinch-urbandictionary (0.10.0)
      cinch (~> 2.0)
      nokogiri (>= 1.4.4)
    cinch-wikipedia (1.0.1)
      cinch (~> 2.0.5)
      cinch-cooldown (~> 1.0.1)
      cinch-toolbox (~> 1.0.3)
    descendants_tracker (0.0.3)
    dotenv (0.9.0)
    faraday (0.9.0)
      multipart-post (>= 1.2, < 3)
    geocoder (1.1.9)
    github_api (0.11.3)
      addressable (~> 2.3)
      descendants_tracker (~> 0.0.1)
      faraday (~> 0.8, < 0.10)
      hashie (>= 1.2)
      multi_json (>= 1.7.5, < 2.0)
      nokogiri (~> 1.6.0)
      oauth2
    god (0.13.3)
    haml (4.0.5)
      tilt
    happymapper (0.4.1)
      libxml-ruby (~> 2.0)
    hashie (2.0.5)
    httparty (0.12.0)
      json (~> 1.8)
      multi_xml (>= 0.5.2)
    i18n (0.6.9)
    json (1.8.1)
    jwt (0.1.11)
      multi_json (>= 1.5)
    libxml-ruby (2.7.0)
    mime-types (2.1)
    mini_portile (0.5.2)
    minitest (4.7.5)
    mkfifo (0.0.1)
    multi_json (1.8.4)
    multi_xml (0.5.5)
    multipart-post (2.0.0)
    nokogiri (1.6.1)
      mini_portile (~> 0.5.0)
    numerizer (0.1.1)
    oauth2 (0.9.3)
      faraday (>= 0.8, < 0.10)
      jwt (~> 0.1.8)
      multi_json (~> 1.3)
      multi_xml (~> 0.5)
      rack (~> 1.2)
    patron (0.4.18)
    pg (0.17.1)
    rack (1.5.2)
    recursive-open-struct (0.4.5)
    require_all (1.3.2)
    rest-client (1.6.7)
      mime-types (>= 1.16)
    sequel (4.7.0)
    tag_formatter (0.0.3)
    temperature (1.2)
    thread_safe (0.1.3)
      atomic
    tilt (2.0.0)
    time-lord (1.0.1)
    tzinfo (0.3.38)
    weather-underground (1.1.1)
      happymapper
      rest-client
      temperature (>= 1.0.0)
    wolfram (0.2.1)
      nokogiri (>= 1.4.3)
    wolfram-alpha (0.3.1)
      nokogiri

PLATFORMS
  ruby

DEPENDENCIES
  activesupport
  chronic
  chronic_duration
  cinch!
  cinch-calculate
  cinch-convert
  cinch-forecast
  cinch-quotes
  cinch-urbandictionary
  cinch-wikipedia
  dotenv
  geocoder
  github_api
  god
  haml
  httparty
  mkfifo
  nokogiri
  pg
  recursive-open-struct
  require_all
  sequel
  tag_formatter
  weather-underground
  wolfram
  wolfram-alpha
