GIT
  remote: git://github.com/cinchrb/cinch.git
  revision: 3140f47a11bb1e6b6f5fc7cf3a1df75bd488115e
  specs:
    cinch (2.0.11)

GEM
  remote: https://rubygems.org/
  specs:
    activemodel (3.2.16)
      activesupport (= 3.2.16)
      builder (~> 3.0.0)
    activesupport (3.2.16)
      i18n (~> 0.6, >= 0.6.4)
      multi_json (~> 1.0)
    async_sinatra (1.1.0)
      rack (>= 1.4.1)
      sinatra (>= 1.3.2)
    builder (3.0.4)
    chronic (0.10.2)
    chronic_duration (0.10.2)
      numerizer (~> 0.1.1)
    cinch-authentication (0.1.0)
      cinch (~> 2.0.3)
    cinch-cooldown (1.0.1)
      cinch (~> 2.0.5)
      time-lord (~> 1.0.1)
    cinch-weatherman (1.0.1)
      cinch (~> 2.0.5)
      cinch-cooldown (~> 1.0.1)
      time-lord (~> 1.0.1)
      weather-underground (~> 1.1.1)
    dotenv (0.9.0)
    geocoder (1.1.9)
    haml (4.0.4)
      tilt
    happymapper (0.4.1)
      libxml-ruby (~> 2.0)
    httparty (0.12.0)
      json (~> 1.8)
      multi_xml (>= 0.5.2)
    i18n (0.6.9)
    json (1.8.1)
    libxml-ruby (2.7.0)
    mime-types (2.0)
    mongoid (3.1.6)
      activemodel (~> 3.2)
      moped (~> 1.4)
      origin (~> 1.0)
      tzinfo (~> 0.3.29)
    moped (1.5.1)
    multi_json (1.8.4)
    multi_xml (0.5.5)
    numerizer (0.1.1)
    origin (1.1.0)
    rack (1.5.2)
    rack-protection (1.5.2)
      rack
    redis (3.0.6)
    require_all (1.3.2)
    rest-client (1.6.7)
      mime-types (>= 1.16)
    sinatra (1.4.4)
      rack (~> 1.4)
      rack-protection (~> 1.4)
      tilt (~> 1.3, >= 1.3.4)
    sinatra-twitter-bootstrap (2.3.3)
    tag_formatter (0.0.3)
    temperature (1.2)
    tilt (1.4.1)
    time-lord (1.0.1)
    tzinfo (0.3.38)
    weather-underground (1.1.1)
      happymapper
      rest-client
      temperature (>= 1.0.0)

PLATFORMS
  ruby

DEPENDENCIES
  async_sinatra
  chronic
  chronic_duration
  cinch!
  cinch-authentication
  cinch-weatherman
  dotenv
  geocoder
  haml
  httparty
  mongoid
  redis
  require_all
  sinatra
  sinatra-twitter-bootstrap
  tag_formatter
